PATH
  remote: .
  specs:
    tcp_eventstore (0.0.1)
      google-protobuf

GEM
  remote: https://rubygems.org/
  specs:
    diff-lcs (1.2.5)
    google-protobuf (3.0.0.alpha.5.0.3-x86-mingw32)
    rake (10.5.0)
    rspec (3.4.0)
      rspec-core (~> 3.4.0)
      rspec-expectations (~> 3.4.0)
      rspec-mocks (~> 3.4.0)
    rspec-core (3.4.3)
      rspec-support (~> 3.4.0)
    rspec-expectations (3.4.0)
      diff-lcs (>= 1.2.0, < 2.0)
      rspec-support (~> 3.4.0)
    rspec-mocks (3.4.1)
      diff-lcs (>= 1.2.0, < 2.0)
      rspec-support (~> 3.4.0)
    rspec-support (3.4.1)

PLATFORMS
  x86-mingw32

DEPENDENCIES
  bundler (~> 1.8)
  rake (~> 10.0)
  rspec
  tcp_eventstore!

BUNDLED WITH
   1.11.2
